PATH
  remote: .
  specs:
    kopflos (0.0.2)
      open4

GEM
  remote: http://rubygems.org/
  specs:
    diff-lcs (1.1.3)
    open4 (1.3.4)
    rspec (2.8.0)
      rspec-core (~> 2.8.0)
      rspec-expectations (~> 2.8.0)
      rspec-mocks (~> 2.8.0)
    rspec-core (2.8.0)
    rspec-expectations (2.8.0)
      diff-lcs (~> 1.1.2)
    rspec-mocks (2.8.0)

PLATFORMS
  ruby

DEPENDENCIES
  bundler
  kopflos!
  rspec (>= 2)

BUNDLED WITH
   1.12.4
